GEM
  remote: https://rubygems.org/
  specs:
    curb (0.9.10)
    oj (3.10.8)

PLATFORMS
  ruby

DEPENDENCIES
  curb (~> 0.9)
  oj (~> 3.10)

BUNDLED WITH
   2.0.2
