GEM
  remote: https://rubygems.org/
  specs:
    curb (0.9.11)
    oj (3.13.2)

PLATFORMS
  ruby

DEPENDENCIES
  curb (~> 0.9)
  oj (~> 3.12)

RUBY VERSION
   ruby 3.0.0p0

BUNDLED WITH
   2.2.9
